GEM
  remote: https://rubygems.org/
  specs:
    addressable (2.3.8)
    artifactory (2.3.0)
    byebug (5.0.0)
      columnize (= 0.9.0)
    columnize (0.9.0)
    crack (0.4.2)
      safe_yaml (~> 1.0.0)
    docile (1.1.5)
    json (1.8.3)
    metaclass (0.0.4)
    minitest (5.7.0)
    mocha (1.1.0)
      metaclass (~> 0.0.1)
    rake (10.4.2)
    safe_yaml (1.0.4)
    simplecov (0.10.0)
      docile (~> 1.1.0)
      json (~> 1.8)
      simplecov-html (~> 0.10.0)
    simplecov-html (0.10.0)
    webmock (1.21.0)
      addressable (>= 2.3.6)
      crack (>= 0.3.2)

PLATFORMS
  ruby

DEPENDENCIES
  artifactory
  byebug
  minitest
  mocha
  rake
  simplecov (>= 0.9.0)
  webmock (~> 1.21)
