PATH
  remote: plugins/lita-commit
  specs:
    lita-commit (0.1.0)
      lita (>= 4.7)

PATH
  remote: plugins/lita-replication-fixing
  specs:
    lita-replication-fixing (0.1.0)
      lita (>= 4.7)
      pagerduty (= 2.1.0)

PATH
  remote: plugins/lita-zabbix
  specs:
    lita-zabbix (0.1.0)
      lita (>= 4.7)
      pagerduty (= 2.1.0)
      zabbixapi (~> 2.4, >= 2.4.6)

GEM
  remote: https://artifactory.dev.pardot.com/artifactory/api/gems/pd-gem/
  specs:
    diff-lcs (1.2.5)
    faraday (0.9.2)
      multipart-post (>= 1.2, < 3)
    http_router (0.11.2)
      rack (>= 1.0.0)
      url_mount (~> 0.2.1)
    i18n (0.7.0)
    ice_nine (0.11.2)
    json (1.8.3)
    lita (4.7.0)
      bundler (>= 1.3)
      faraday (>= 0.8.7)
      http_router (>= 0.11.2)
      i18n (>= 0.6.9)
      ice_nine (>= 0.11.0)
      multi_json (>= 1.7.7)
      puma (>= 2.7.1)
      rack (>= 1.5.2)
      rb-readline (>= 0.5.1)
      redis-namespace (>= 1.3.0)
      thor (>= 0.18.1)
    lita-hipchat (3.0.2)
      lita (>= 4.4.3)
      xmpp4r (>= 0.5.6)
    multi_json (1.11.2)
    multipart-post (2.0.0)
    pagerduty (2.1.0)
      json (>= 1.7.7)
    puma (2.16.0)
    rack (1.6.4)
    rb-readline (0.5.3)
    redis (3.2.2)
    redis-namespace (1.5.2)
      redis (~> 3.0, >= 3.0.4)
    rspec (3.4.0)
      rspec-core (~> 3.4.0)
      rspec-expectations (~> 3.4.0)
      rspec-mocks (~> 3.4.0)
    rspec-core (3.4.2)
      rspec-support (~> 3.4.0)
    rspec-expectations (3.4.0)
      diff-lcs (>= 1.2.0, < 2.0)
      rspec-support (~> 3.4.0)
    rspec-mocks (3.4.1)
      diff-lcs (>= 1.2.0, < 2.0)
      rspec-support (~> 3.4.0)
    rspec-support (3.4.1)
    thor (0.19.1)
    url_mount (0.2.1)
      rack
    xmpp4r (0.5.6)
    zabbixapi (2.4.7)
      json (~> 1.6, >= 1.6.0)

PLATFORMS
  ruby

DEPENDENCIES
  lita (= 4.7.0)
  lita-commit!
  lita-hipchat (= 3.0.2)
  lita-replication-fixing!
  lita-zabbix!
  rspec (~> 3.4, >= 3.4.0)

BUNDLED WITH
   1.12.1
